GEM
  remote: https://rubygems.org/
  specs:
    json (2.3.0)
    rack (1.6.11)
    rack-protection (1.5.5)
      rack
    sinatra (1.4.8)
      rack (~> 1.5)
      rack-protection (~> 1.4)
      tilt (>= 1.3, < 3)
    tilt (2.0.8)

PLATFORMS
  ruby

DEPENDENCIES
  json
  sinatra (~> 1.4.4)

RUBY VERSION
   ruby 2.5.3p105

BUNDLED WITH
   1.17.1
